GIT
  remote: git://github.com/kalv/webrat.git
  revision: 66130e4
  specs:
    webrat (0.7.2.pre)
      nokogiri (>= 1.2.0)
      rack (>= 1.0)
      rack-test (>= 0.5.3)

GEM
  remote: http://rubygems.org/
  specs:
    abstract (1.0.0)
    actionmailer (3.0.0.rc2)
      actionpack (= 3.0.0.rc2)
      mail (~> 2.2.5)
    actionpack (3.0.0.rc2)
      activemodel (= 3.0.0.rc2)
      activesupport (= 3.0.0.rc2)
      builder (~> 2.1.2)
      erubis (~> 2.6.6)
      i18n (~> 0.4.1)
      rack (~> 1.2.1)
      rack-mount (~> 0.6.12)
      rack-test (~> 0.5.4)
      tzinfo (~> 0.3.23)
    activemodel (3.0.0.rc2)
      activesupport (= 3.0.0.rc2)
      builder (~> 2.1.2)
      i18n (~> 0.4.1)
    activerecord (3.0.0.rc2)
      activemodel (= 3.0.0.rc2)
      activesupport (= 3.0.0.rc2)
      arel (~> 1.0.0.rc1)
      tzinfo (~> 0.3.23)
    activeresource (3.0.0.rc2)
      activemodel (= 3.0.0.rc2)
      activesupport (= 3.0.0.rc2)
    activesupport (3.0.0.rc2)
    arel (1.0.1)
      activesupport (~> 3.0.0)
    bcrypt-ruby (2.1.2)
    builder (2.1.2)
    configuration (1.1.0)
    devise (1.1.2)
      bcrypt-ruby (~> 2.1.2)
      warden (~> 0.10.7)
    diff-lcs (1.1.2)
    dummy (0.9)
    dummy_data (0.9)
      dummy (>= 0.9)
      rails (>= 3.0.0.beta)
    erubis (2.6.6)
      abstract (>= 1.0.0)
    gemcutter (0.6.1)
    git (1.2.5)
    i18n (0.4.1)
    jeweler (1.4.0)
      gemcutter (>= 0.1.0)
      git (>= 1.2.5)
      rubyforge (>= 2.0.0)
    json_pure (1.4.6)
    launchy (0.3.7)
      configuration (>= 0.0.5)
      rake (>= 0.8.1)
    mail (2.2.5)
      activesupport (>= 2.3.6)
      mime-types
      treetop (>= 1.4.5)
    mime-types (1.16)
    nokogiri (1.4.3.1)
    polyglot (0.3.1)
    rack (1.2.1)
    rack-mount (0.6.12)
      rack (>= 1.0.0)
    rack-test (0.5.4)
      rack (>= 1.0)
    rails (3.0.0.rc2)
      actionmailer (= 3.0.0.rc2)
      actionpack (= 3.0.0.rc2)
      activerecord (= 3.0.0.rc2)
      activeresource (= 3.0.0.rc2)
      activesupport (= 3.0.0.rc2)
      bundler (>= 1.0.0.rc.6)
      railties (= 3.0.0.rc2)
    railties (3.0.0.rc2)
      actionpack (= 3.0.0.rc2)
      activesupport (= 3.0.0.rc2)
      rake (>= 0.8.3)
      thor (~> 0.14.0)
    rake (0.8.7)
    rspec (2.0.0.beta.20)
      rspec-core (= 2.0.0.beta.20)
      rspec-expectations (= 2.0.0.beta.20)
      rspec-mocks (= 2.0.0.beta.20)
    rspec-core (2.0.0.beta.20)
    rspec-expectations (2.0.0.beta.20)
      diff-lcs (>= 1.1.2)
    rspec-mocks (2.0.0.beta.20)
    rspec-rails (2.0.0.beta.20)
      rspec (= 2.0.0.beta.20)
    rubyforge (2.0.4)
      json_pure (>= 1.1.7)
    sqlite3-ruby (1.3.1)
    thor (0.14.0)
    treetop (1.4.8)
      polyglot (>= 0.3.1)
    tzinfo (0.3.23)
    warden (0.10.7)
      rack (>= 1.0.0)

PLATFORMS
  ruby

DEPENDENCIES
  builder
  devise
  dummy_data
  jeweler
  launchy (>= 0.3.0)
  rails (= 3.0.0.rc2)
  rspec-rails (>= 2.0.0.beta.20)
  sqlite3-ruby
  webrat!
